GEM
  remote: http://rubygems.org/
  specs:
    coffee-script (2.2.0)
      coffee-script-source
      execjs
    coffee-script-source (1.0.1)
    execjs (0.1.0)
    rack (1.2.1)
    sinatra (1.2.0)
      rack (~> 1.1)
      tilt (>= 1.2.2, < 2.0)
    therubyracer (0.8.1)
    tilt (1.2.2)

PLATFORMS
  ruby

DEPENDENCIES
  coffee-script
  sinatra
  therubyracer
